GIT
  remote: git://github.com/jnunemaker/mongomapper.git
  revision: 705aab2173ef04433d432a5d718a3495169e1f73
  specs:
    mongo_mapper (0.9.0)
      activemodel (~> 3.0)
      activesupport (~> 3.0)
      plucky (~> 0.3.8)

GIT
  remote: git://github.com/mongoid/mongoid.git
  revision: 205068644be36a34ebff47f437ae2c00c2d48c5b
  specs:
    mongoid (2.1.0)
      activemodel (~> 3.0)
      mongo (~> 1.3)
      tzinfo (~> 0.3.22)

GEM
  remote: http://rubygems.org/
  specs:
    activemodel (3.0.9)
      activesupport (= 3.0.9)
      builder (~> 2.1.2)
      i18n (~> 0.5.0)
    activesupport (3.0.9)
    bson (1.3.1)
    builder (2.1.2)
    diff-lcs (1.1.2)
    i18n (0.5.0)
    machinist (1.0.6)
    mongo (1.3.1)
      bson (>= 1.3.1)
    plucky (0.3.8)
      mongo (~> 1.3)
    rack (1.3.2)
    rake (0.9.2)
    rspec (2.4.0)
      rspec-core (~> 2.4.0)
      rspec-expectations (~> 2.4.0)
      rspec-mocks (~> 2.4.0)
    rspec-core (2.4.0)
    rspec-expectations (2.4.0)
      diff-lcs (~> 1.1.2)
    rspec-mocks (2.4.0)
    sham_rack (1.3.3)
      rack
    tzinfo (0.3.29)

PLATFORMS
  ruby

DEPENDENCIES
  machinist
  mongo (~> 1.1)
  mongo_mapper!
  mongoid!
  rake
  rspec (= 2.4)
  sham_rack
